GIT
  remote: git://github.com/raggi/async_sinatra.git
  revision: 388bcdda1cfb833e6d284f7882654709b12b1a95
  specs:
    async_sinatra (1.1.0)
      rack (>= 1.4.1)
      sinatra (>= 1.3.2)

GEM
  remote: http://ruby.taobao.org/
  specs:
    capistrano (2.15.3)
      highline
      net-scp (>= 1.0.0)
      net-sftp (>= 2.0.0)
      net-ssh (>= 2.0.14)
      net-ssh-gateway (>= 1.1.0)
    highline (1.6.18)
    kgio (2.8.0)
    net-scp (1.1.0)
      net-ssh (>= 2.6.5)
    net-sftp (2.1.1)
      net-ssh (>= 2.6.5)
    net-ssh (2.6.7)
    net-ssh-gateway (1.2.0)
      net-ssh (>= 2.6.5)
    rack (1.5.2)
    rack-protection (1.5.0)
      rack
    raindrops (0.11.0)
    rvm-capistrano (1.3.0)
      capistrano (>= 2.0.0)
    sinatra (1.4.2)
      rack (~> 1.5, >= 1.5.2)
      rack-protection (~> 1.4)
      tilt (~> 1.3, >= 1.3.4)
    tilt (1.3.7)
    unicorn (4.6.2)
      kgio (~> 2.6)
      rack
      raindrops (~> 0.7)

PLATFORMS
  ruby

DEPENDENCIES
  async_sinatra!
  rvm-capistrano
  sinatra
  unicorn
